GEM
  remote: http://rubygems.org/
  specs:
    actionmailer (2.0.2)
      actionpack (= 2.0.2)
    actionpack (2.0.2)
      activesupport (= 2.0.2)
    activerecord (2.0.2)
      activesupport (= 2.0.2)
    activeresource (2.0.2)
      activesupport (= 2.0.2)
    activesupport (2.0.2)
    annotate (2.4.0)
    archive-tar-minitar (0.5.2)
    authlogic (2.1.6)
      activesupport
    barby (0.3.2)
    builder (3.0.0)
    cgi_multipart_eof_fix (2.5.0)
    chronic (0.2.3)
      hoe (>= 1.2.1)
    color (1.4.0)
      archive-tar-minitar (~> 0.5.1)
      hoe (>= 1.3.0)
    daemon_controller (0.2.5)
    daemons (1.0.10)
    dbd-mysql (0.4.3)
      dbi (>= 0.4.0)
      mysql
    dbi (0.4.3)
      deprecated (>= 2.0.0)
    deprecated (2.0.1)
    echoe (4.1)
      gemcutter
      rubyforge
    eventmachine (1.0.3)
    facets (2.8.1)
    fastthread (1.0.7)
    file-tail (1.0.5)
      spruz (>= 0.1.0)
    gem_plugin (0.2.3)
    gemcutter (0.3.0)
      json_pure
    hash_extension (0.0.4)
    hoe (2.5.0)
      gemcutter (>= 0.2.1)
      rake (>= 0.8.7)
      rubyforge (>= 2.0.3)
    hoe-seattlerb (1.3.3)
    json_pure (1.2.0)
    minitest (1.7.2)
    money (2.1.5)
    multi_json (1.0.3)
    mysql (2.7)
    net-sftp (2.0.4)
      net-ssh (>= 2.0.9)
    net-ssh (2.0.22)
    passenger (3.0.11)
      daemon_controller (>= 0.2.5)
      fastthread (>= 1.0.1)
      rack
      rake (>= 0.8.1)
    pdf-writer (1.1.8)
      color (>= 1.4.0)
      transaction-simple (~> 1.3)
    prawn (0.8.4)
      prawn-core (>= 0.8.4, < 0.9)
      prawn-core (>= 0.8.4, < 0.9)
      prawn-layout (>= 0.8.4, < 0.9)
      prawn-layout (>= 0.8.4, < 0.9)
      prawn-security (>= 0.8.4, < 0.9)
      prawn-security (>= 0.8.4, < 0.9)
    prawn-core (0.8.4)
    prawn-format (0.2.3)
      prawn-core
    prawn-layout (0.8.4)
    prawn-security (0.8.4)
    rack (1.2.1)
    rails (2.0.2)
      actionmailer (= 2.0.2)
      actionpack (= 2.0.2)
      activerecord (= 2.0.2)
      activeresource (= 2.0.2)
      activesupport (= 2.0.2)
      rake (>= 0.7.2)
    rake (10.3.2)
    rmagick (2.12.2)
    rubyforge (2.0.3)
      json_pure (>= 1.1.7)
    rubygems-update (1.3.5)
      builder
      hoe (>= 2.3.2)
      hoe-seattlerb
      minitest (~> 1.4)
      session
    session (3.2.0)
    sources (0.0.1)
    spruz (0.2.2)
    starfish (1.2.1)
    thin (1.6.2)
      daemons (>= 1.0.9)
      eventmachine (>= 1.0.0)
      rack (>= 1.0.0)
    transaction-simple (1.4.0)
      hoe (>= 1.1.7)
    will_paginate (2.3.11)

PLATFORMS
  ruby

DEPENDENCIES
  annotate (= 2.4.0)
  archive-tar-minitar (= 0.5.2)
  authlogic (= 2.1.6)
  barby (= 0.3.2)
  builder (= 3.0.0)
  cgi_multipart_eof_fix (= 2.5.0)
  chronic (= 0.2.3)
  color (= 1.4.0)
  daemon_controller (= 0.2.5)
  daemons (= 1.0.10)
  dbd-mysql (= 0.4.3)
  dbi (= 0.4.3)
  deprecated (= 2.0.1)
  echoe (= 4.1)
  facets (= 2.8.1)
  fastthread (= 1.0.7)
  file-tail (= 1.0.5)
  gem_plugin (= 0.2.3)
  gemcutter (= 0.3.0)
  hash_extension (= 0.0.4)
  hoe (= 2.5.0)
  json_pure (= 1.2.0)
  money (= 2.1.5)
  multi_json (= 1.0.3)
  mysql (= 2.7)
  net-sftp (= 2.0.4)
  net-ssh (= 2.0.22)
  passenger (= 3.0.11)
  pdf-writer (= 1.1.8)
  prawn (= 0.8.4)
  prawn-core (= 0.8.4)
  prawn-format (= 0.2.3)
  prawn-layout (= 0.8.4)
  prawn-security (= 0.8.4)
  rack (= 1.2.1)
  rails (= 2.0.2)
  rmagick (= 2.12.2)
  rubyforge (= 2.0.3)
  rubygems-update (= 1.3.5)
  sources (= 0.0.1)
  spruz (= 0.2.2)
  starfish (= 1.2.1)
  thin
  transaction-simple (= 1.4.0)
  will_paginate (= 2.3.11)
